GEM
  remote: http://rubygems.org/
  specs:
    colorize (0.5.8)
    thor (0.14.6)

PLATFORMS
  ruby

DEPENDENCIES
  colorize (~> 0.5)
  thor (~> 0.14)
